GEM
  remote: https://rubygems.org/
  specs:
    artoo (1.6.6)
      celluloid (~> 0.15.0)
      celluloid-io (~> 0.15.0)
      http (~> 0.5.0)
      multi_json (~> 1.6.0)
      pry (~> 0.9.0)
      rake
      reel (~> 0.4.0)
      robeaux (~> 0.0.4)
      thor (~> 0.18.1)
    artoo-neurosky (0.2.0)
      artoo (>= 1.6.4)
      hybridgroup-mindset (>= 0.4)
    backports (3.6.4)
    byebug (4.0.3)
      columnize (= 0.9.0)
    celluloid (0.15.2)
      timers (~> 1.1.0)
    celluloid-io (0.15.0)
      celluloid (>= 0.15.0)
      nio4r (>= 0.5.0)
    coderay (1.1.0)
    columnize (0.9.0)
    ffi (1.9.8)
    http (0.5.1)
      http_parser.rb
    http_parser.rb (0.6.0)
    hybridgroup-mindset (0.4)
      rubyserial (~> 0.1)
    method_source (0.8.2)
    multi_json (1.6.1)
    nio4r (1.1.0)
    pry (0.9.12.6)
      coderay (~> 1.0)
      method_source (~> 0.8)
      slop (~> 3.4)
    rack (1.6.0)
    rack-protection (1.5.3)
      rack
    rack-test (0.6.3)
      rack (>= 1.0)
    rake (10.4.2)
    reel (0.4.0)
      celluloid (>= 0.15.1)
      celluloid-io (>= 0.15.0)
      http (>= 0.5.0)
      http_parser.rb (>= 0.6.0.beta.2)
      websocket_parser (>= 0.1.4)
    robeaux (0.0.4)
    rubyserial (0.2.2)
      ffi (~> 1.9.3)
    sinatra (1.4.6)
      rack (~> 1.4)
      rack-protection (~> 1.4)
      tilt (>= 1.3, < 3)
    sinatra-contrib (1.4.2)
      backports (>= 2.0)
      multi_json
      rack-protection
      rack-test
      sinatra (~> 1.4.0)
      tilt (~> 1.3)
    slop (3.6.0)
    thor (0.18.1)
    tilt (1.4.1)
    timers (1.1.0)
    websocket_parser (1.0.0)

PLATFORMS
  ruby

DEPENDENCIES
  artoo
  artoo-neurosky
  byebug
  pry
  sinatra
  sinatra-contrib
