GEM
  remote: https://rubygems.org/
  specs:
    artoo (1.6.4)
      celluloid (~> 0.15)
      celluloid-io (~> 0.15)
      http (~> 0.5)
      multi_json (~> 1.6)
      pry (~> 0.9)
      rake
      reel (~> 0.4)
      robeaux (~> 0.0.4)
      thor (~> 0.18.1)
    artoo-neurosky (0.2.0)
      artoo (>= 1.6.4)
      hybridgroup-mindset (>= 0.4)
    byebug (4.0.3)
      columnize (= 0.9.0)
    celluloid (0.16.0)
      timers (~> 4.0.0)
    celluloid-io (0.16.2)
      celluloid (>= 0.16.0)
      nio4r (>= 1.1.0)
    coderay (1.1.0)
    columnize (0.9.0)
    eventmachine (1.0.7)
    faye-websocket (0.9.2)
      eventmachine (>= 0.12.0)
      websocket-driver (>= 0.5.1)
    ffi (1.9.8)
    hitimes (1.2.2)
    http (0.7.3)
      http-form_data (~> 1.0.0)
      http_parser.rb (~> 0.6.0)
    http-form_data (1.0.0)
    http_parser.rb (0.6.0)
    hybridgroup-mindset (0.4)
      rubyserial (~> 0.1)
    json (1.8.2)
    method_source (0.8.2)
    multi_json (1.10.1)
    nio4r (1.1.0)
    pry (0.10.1)
      coderay (~> 1.1.0)
      method_source (~> 0.8.1)
      slop (~> 3.4)
    rack (1.6.0)
    rack-protection (1.5.3)
      rack
    rake (10.4.2)
    reel (0.5.0)
      celluloid (>= 0.15.1)
      celluloid-io (>= 0.15.0)
      http (>= 0.6.0.pre)
      http_parser.rb (>= 0.6.0)
      websocket_parser (>= 0.1.6)
    robeaux (0.0.4)
    rubyserial (0.2.2)
      ffi (~> 1.9.3)
    shotgun (0.9)
      rack (>= 1.0)
    sinatra (1.4.6)
      rack (~> 1.4)
      rack-protection (~> 1.4)
      tilt (>= 1.3, < 3)
    slop (3.6.0)
    thor (0.18.1)
    tilt (1.4.1)
    timers (4.0.1)
      hitimes
    websocket-driver (0.5.1)
      websocket-extensions (>= 0.1.0)
    websocket-extensions (0.1.1)
    websocket_parser (1.0.0)

PLATFORMS
  ruby

DEPENDENCIES
  artoo
  artoo-neurosky
  byebug
  faye-websocket
  json
  multi_json (~> 1.10.1)
  pry
  shotgun
  sinatra
